PATH
  remote: .
  specs:
    m (0.0.1)
      ruby_parser (~> 2.3.1)

GEM
  remote: https://rubygems.org/
  specs:
    rake (0.9.2.2)
    ruby_parser (2.3.1)
      sexp_processor (~> 3.0)
    sexp_processor (3.0.9)

PLATFORMS
  ruby

DEPENDENCIES
  m!
  rake
