PATH
  remote: .
  specs:
    m (0.0.1)
      ruby_parser (~> 2.3.1)

GEM
  remote: https://rubygems.org/
  specs:
    activesupport (3.1.3)
      multi_json (~> 1.0)
    multi_json (1.0.4)
    rake (0.9.2.2)
    ruby_parser (2.3.1)
      sexp_processor (~> 3.0)
    sexp_processor (3.0.9)

PLATFORMS
  ruby

DEPENDENCIES
  activesupport
  m!
  rake
