PATH
  remote: .
  specs:
    m (1.0.0)
      method_source (~> 0.6.7)
      rake (>= 0.9.2.2, < 1.0.0)

GEM
  remote: https://rubygems.org/
  specs:
    activesupport (3.1.3)
      multi_json (~> 1.0)
    method_source (0.6.7)
      ruby_parser (>= 2.3.1)
    multi_json (1.0.4)
    mustache (0.99.4)
    rake (0.9.3.beta.1)
    rdiscount (1.6.8)
    redcarpet (2.0.1)
    rocco (0.8.2)
      mustache
      redcarpet
    ruby_parser (2.3.1)
      sexp_processor (~> 3.0)
    sexp_processor (3.0.10)

PLATFORMS
  ruby

DEPENDENCIES
  activesupport
  m!
  rdiscount
  rocco
