PATH
  remote: .
  specs:
    m (0.0.1)
      ruby_parser (~> 2.3.1)
      sourcify (~> 0.5)

GEM
  remote: https://rubygems.org/
  specs:
    activesupport (3.1.3)
      multi_json (~> 1.0)
    file-tail (1.0.8)
      tins (~> 0.3)
    multi_json (1.0.4)
    rake (0.9.2.2)
    ruby2ruby (1.3.1)
      ruby_parser (~> 2.0)
      sexp_processor (~> 3.0)
    ruby_parser (2.3.1)
      sexp_processor (~> 3.0)
    sexp_processor (3.0.9)
    sourcify (0.5.0)
      file-tail (>= 1.0.5)
      ruby2ruby (>= 1.2.5)
      ruby_parser (>= 2.0.5)
      sexp_processor (>= 3.0.5)
    tins (0.3.6)

PLATFORMS
  ruby

DEPENDENCIES
  activesupport
  m!
  rake
